GEM
  remote: http://rubygems.org/
  specs:
    actionmailer (2.3.5)
      actionpack (= 2.3.5)
    actionpack (2.3.5)
      activesupport (= 2.3.5)
      rack (~> 1.0.0)
    activerecord (2.3.5)
      activesupport (= 2.3.5)
    activeresource (2.3.5)
      activesupport (= 2.3.5)
    activesupport (2.3.5)
    declarative_authorization (0.5.1)
    fastercsv (1.5.5)
    fattr (2.2.1)
    i18n (0.4.2)
    mysql (2.9.1)
    nokogiri (1.5.10)
    multi_json (1.3.6)
    json (1.8.1)
    rack (1.0.1)
    rails (2.3.5)
      actionmailer (= 2.3.5)
      actionpack (= 2.3.5)
      activerecord (= 2.3.5)
      activeresource (= 2.3.5)
      activesupport (= 2.3.5)
      rake (>= 0.8.3)
    rake (0.9.2.2)
    rb-readline (0.5.0)
    rush (0.6.8)
      session
    session (3.1.0)
      fattr
    oauth2 (0.0.10)
    faraday (0.7.6)
    addressable (2.3.6)

PLATFORMS
  ruby

DEPENDENCIES
  declarative_authorization (= 0.5.1)
  fastercsv
  i18n (= 0.4.2)
  mysql (= 2.9.1)
  nokogiri (= 1.5.10)
  rails (= 2.3.5)
  rb-readline
  rush
  oauth2
  faraday
  addressable
  multi_json
  json